GEM
  remote: http://rubygems.org/
  specs:
    haml (4.0.7)
      tilt
    multi_json (1.12.1)
    rack (1.6.4)
    rack-protection (1.5.3)
      rack
    rpi_gpio (0.3.0)
    sinatra (1.4.7)
      rack (~> 1.5)
      rack-protection (~> 1.4)
      tilt (>= 1.3, < 3)
    sinatra-json (0.1.0)
      multi_json (~> 1.0)
      sinatra (~> 1.0)
    tilt (2.0.5)

PLATFORMS
  ruby

DEPENDENCIES
  haml
  rpi_gpio
  sinatra
  sinatra-json
